GIT
  remote: git://github.com/bmabey/database_cleaner.git
  revision: 733849482546297c48f97b292cf3ad4e498eaad0
  specs:
    database_cleaner (1.2.0)

GEM
  remote: https://rubygems.org/
  specs:
    actionmailer (4.0.1)
      actionpack (= 4.0.1)
      mail (~> 2.5.4)
    actionpack (4.0.1)
      activesupport (= 4.0.1)
      builder (~> 3.1.0)
      erubis (~> 2.7.0)
      rack (~> 1.5.2)
      rack-test (~> 0.6.2)
    active_model_serializers (0.8.1)
      activemodel (>= 3.0)
    activemodel (4.0.1)
      activesupport (= 4.0.1)
      builder (~> 3.1.0)
    activerecord (4.0.1)
      activemodel (= 4.0.1)
      activerecord-deprecated_finders (~> 1.0.2)
      activesupport (= 4.0.1)
      arel (~> 4.0.0)
    activerecord-deprecated_finders (1.0.3)
    activesupport (4.0.1)
      i18n (~> 0.6, >= 0.6.4)
      minitest (~> 4.2)
      multi_json (~> 1.3)
      thread_safe (~> 0.1)
      tzinfo (~> 0.3.37)
    acts_as_follower (0.2.0)
    addressable (2.3.5)
    angularjs-rails (1.2.1)
    arel (4.0.1)
    atomic (1.1.14)
    aws-sdk (1.28.1)
      json (~> 1.4)
      nokogiri (>= 1.4.4)
      uuidtools (~> 2.1)
    bcrypt-ruby (3.1.2)
    bootstrap-sass (2.3.2.0)
      sass (~> 3.2)
    builder (3.1.4)
    bullet (4.7.1)
      activesupport
      uniform_notifier (>= 1.4.0)
    cancan (1.6.10)
    capistrano (3.0.1)
      i18n
      rake (>= 10.0.0)
      sshkit (>= 0.0.23)
    capybara (2.1.0)
      mime-types (>= 1.16)
      nokogiri (>= 1.3.3)
      rack (>= 1.0.0)
      rack-test (>= 0.5.4)
      xpath (~> 2.0)
    carrierwave (0.9.0)
      activemodel (>= 3.2.0)
      activesupport (>= 3.2.0)
      json (>= 1.7)
    carrierwave_backgrounder (0.3.0)
      carrierwave (~> 0.5)
    carrierwave_direct (0.0.13)
      carrierwave
      fog
      uuidtools
    celluloid (0.15.2)
      timers (~> 1.1.0)
    childprocess (0.3.6)
      ffi (~> 1.0, >= 1.0.6)
    climate_control (0.0.3)
      activesupport (>= 3.0)
    cliver (0.2.2)
    cocaine (0.5.3)
      climate_control (>= 0.0.3, < 1.0)
    coderay (1.1.0)
    coffee-rails (4.0.1)
      coffee-script (>= 2.2.0)
      railties (>= 4.0.0, < 5.0)
    coffee-script (2.2.0)
      coffee-script-source
      execjs
    coffee-script-source (1.6.3)
    columnize (0.3.6)
    connection_pool (1.1.0)
    cucumber (1.3.10)
      builder (>= 2.1.2)
      diff-lcs (>= 1.1.3)
      gherkin (~> 2.12)
      multi_json (>= 1.7.5, < 2.0)
      multi_test (>= 0.0.2)
    cucumber-rails (1.4.0)
      capybara (>= 1.1.2)
      cucumber (>= 1.2.0)
      nokogiri (>= 1.5.0)
      rails (>= 3.0.0)
    daemons (1.1.9)
    debugger (1.6.2)
      columnize (>= 0.3.1)
      debugger-linecache (~> 1.2.0)
      debugger-ruby_core_source (~> 1.2.3)
    debugger-linecache (1.2.0)
    debugger-ruby_core_source (1.2.4)
    delayed_job (4.0.0)
      activesupport (>= 3.0, < 4.1)
    delayed_job_active_record (4.0.0)
      activerecord (>= 3.0, < 4.1)
      delayed_job (>= 3.0, < 4.1)
    devise (3.2.2)
      bcrypt-ruby (~> 3.0)
      orm_adapter (~> 0.1)
      railties (>= 3.2.6, < 5)
      thread_safe (~> 0.1)
      warden (~> 1.2.3)
    diff-lcs (1.2.5)
    dotenv (0.9.0)
    erubis (2.7.0)
    excon (0.28.0)
    execjs (2.0.2)
    factory_girl (4.2.0)
      activesupport (>= 3.0.0)
    factory_girl_rails (4.2.1)
      factory_girl (~> 4.2.0)
      railties (>= 3.0.0)
    faker (1.2.0)
      i18n (~> 0.5)
    ffi (1.9.3)
    fog (1.18.0)
      builder
      excon (~> 0.28.0)
      formatador (~> 0.2.0)
      mime-types
      multi_json (~> 1.0)
      net-scp (~> 1.1)
      net-ssh (>= 2.1.3)
      nokogiri (~> 1.5)
      ruby-hmac
    font-awesome-sass (4.0.2)
      sass-rails (>= 3.1.1)
    foreman (0.63.0)
      dotenv (>= 0.7)
      thor (>= 0.13.6)
    formatador (0.2.4)
    fullcalendar-rails (1.6.4.0)
    gherkin (2.12.2)
      multi_json (~> 1.3)
    gon (4.1.1)
      actionpack (>= 2.3.0)
      json
    guard (2.2.4)
      formatador (>= 0.2.4)
      listen (~> 2.1)
      lumberjack (~> 1.0)
      pry (>= 0.9.12)
      thor (>= 0.18.1)
    guard-rspec (2.5.0)
      guard (>= 1.1)
      rspec (~> 2.11)
    guard-spork (1.5.0)
      childprocess (>= 0.2.3)
      guard (>= 1.1)
      spork (>= 0.8.4)
    haml (4.0.4)
      tilt
    hike (1.2.3)
    hpricot (0.8.6)
    i18n (0.6.5)
    jasmine (1.3.2)
      jasmine-core (~> 1.3.1)
      rack (~> 1.0)
      rspec (>= 1.3.1)
      selenium-webdriver (>= 0.1.3)
    jasmine-core (1.3.1)
    jbuilder (1.0.2)
      activesupport (>= 3.0.0)
    jquery-fileupload-rails (0.4.1)
      actionpack (>= 3.1)
      railties (>= 3.1)
    jquery-rails (3.0.4)
      railties (>= 3.0, < 5.0)
      thor (>= 0.14, < 2.0)
    jquery-ui-rails (4.1.0)
      railties (>= 3.1.0)
    json (1.8.1)
    kaminari (0.15.0)
      actionpack (>= 3.0.0)
      activesupport (>= 3.0.0)
    kgio (2.8.1)
    launchy (2.3.0)
      addressable (~> 2.3)
    listen (2.2.0)
      celluloid (>= 0.15.2)
      rb-fsevent (>= 0.9.3)
      rb-inotify (>= 0.9)
    lumberjack (1.0.4)
    mail (2.5.4)
      mime-types (~> 1.16)
      treetop (~> 1.4.8)
    mail_form (1.5.0)
      actionmailer (>= 3.2, < 5)
      activemodel (>= 3.2, < 5)
    method_source (0.8.2)
    mime-types (1.25.1)
    mini_portile (0.5.2)
    minitest (4.7.5)
    multi_json (1.8.2)
    multi_test (0.0.2)
    net-scp (1.1.2)
      net-ssh (>= 2.6.5)
    net-ssh (2.7.0)
    newrelic_rpm (3.6.9.171)
    nokogiri (1.6.0)
      mini_portile (~> 0.5.0)
    orm_adapter (0.5.0)
    paperclip (3.5.2)
      activemodel (>= 3.0.0)
      activesupport (>= 3.0.0)
      cocaine (~> 0.5.3)
      mime-types
    pg (0.15.1)
    poltergeist (1.4.1)
      capybara (~> 2.1.0)
      cliver (~> 0.2.1)
      multi_json (~> 1.0)
      websocket-driver (>= 0.2.0)
    polyglot (0.3.3)
    pry (0.9.12.4)
      coderay (~> 1.0)
      method_source (~> 0.8)
      slop (~> 3.4)
    rack (1.5.2)
    rack-protection (1.5.1)
      rack
    rack-test (0.6.2)
      rack (>= 1.0)
    rails (4.0.1)
      actionmailer (= 4.0.1)
      actionpack (= 4.0.1)
      activerecord (= 4.0.1)
      activesupport (= 4.0.1)
      bundler (>= 1.3.0, < 2.0)
      railties (= 4.0.1)
      sprockets-rails (~> 2.0.0)
    rails_12factor (0.0.2)
      rails_serve_static_assets
      rails_stdout_logging
    rails_serve_static_assets (0.0.1)
    rails_stdout_logging (0.0.3)
    railties (4.0.1)
      actionpack (= 4.0.1)
      activesupport (= 4.0.1)
      rake (>= 0.8.7)
      thor (>= 0.18.1, < 2.0)
    raindrops (0.12.0)
    rake (10.0.4)
    rb-fsevent (0.9.3)
    rb-inotify (0.9.2)
      ffi (>= 0.5.0)
    rdoc (3.12.2)
      json (~> 1.4)
    redis (3.0.6)
    redis-namespace (1.3.2)
      redis (~> 3.0.4)
    remotipart (1.2.1)
    rest-client (1.6.7)
      mime-types (>= 1.16)
    rmagick (2.13.2)
    rspec (2.13.0)
      rspec-core (~> 2.13.0)
      rspec-expectations (~> 2.13.0)
      rspec-mocks (~> 2.13.0)
    rspec-core (2.13.1)
    rspec-expectations (2.13.0)
      diff-lcs (>= 1.1.3, < 2.0)
    rspec-mocks (2.13.1)
    rspec-rails (2.13.1)
      actionpack (>= 3.0)
      activesupport (>= 3.0)
      railties (>= 3.0)
      rspec-core (~> 2.13.0)
      rspec-expectations (~> 2.13.0)
      rspec-mocks (~> 2.13.0)
    ruby-hmac (0.4.0)
    rubyzip (1.0.0)
    sass (3.2.12)
    sass-rails (4.0.1)
      railties (>= 4.0.0, < 5.0)
      sass (>= 3.1.10)
      sprockets-rails (~> 2.0.0)
    sdoc (0.3.20)
      json (>= 1.1.3)
      rdoc (~> 3.10)
    selenium-webdriver (2.37.0)
      childprocess (>= 0.2.5)
      multi_json (~> 1.0)
      rubyzip (~> 1.0.0)
      websocket (~> 1.0.4)
    shoulda-matchers (2.4.0)
      activesupport (>= 3.0.0)
    sidekiq (2.17.0)
      celluloid (>= 0.15.2)
      connection_pool (>= 1.0.0)
      json
      redis (>= 3.0.4)
      redis-namespace (>= 1.3.1)
    sinatra (1.4.4)
      rack (~> 1.4)
      rack-protection (~> 1.4)
      tilt (~> 1.3, >= 1.3.4)
    slim (2.0.2)
      temple (~> 0.6.6)
      tilt (>= 1.3.3, < 2.1)
    slop (3.4.7)
    spork (1.0.0rc4)
    spork-rails (4.0.0)
      rails (>= 3.0.0, < 5)
      spork (>= 1.0rc0)
    sprockets (2.10.1)
      hike (~> 1.2)
      multi_json (~> 1.0)
      rack (~> 1.0)
      tilt (~> 1.1, != 1.3.0)
    sprockets-rails (2.0.1)
      actionpack (>= 3.0)
      activesupport (>= 3.0)
      sprockets (~> 2.8)
    sqlite3 (1.3.8)
    sshkit (1.2.0)
      net-scp (>= 1.1.2)
      net-ssh
      term-ansicolor
    temple (0.6.7)
    term-ansicolor (1.2.2)
      tins (~> 0.8)
    thor (0.18.1)
    thread_safe (0.1.3)
      atomic
    tilt (1.4.1)
    timers (1.1.0)
    tins (0.13.1)
    treetop (1.4.15)
      polyglot
      polyglot (>= 0.3.1)
    tzinfo (0.3.38)
    uglifier (2.1.1)
      execjs (>= 0.3.0)
      multi_json (~> 1.0, >= 1.0.2)
    unf (0.1.3)
      unf_ext
    unf_ext (0.0.6)
    unicorn (4.7.0)
      kgio (~> 2.6)
      rack
      raindrops (~> 0.7)
    uniform_notifier (1.4.0)
    uuidtools (2.1.4)
    warden (1.2.3)
      rack (>= 1.0)
    websocket (1.0.7)
    websocket-driver (0.3.0)
    xmpp4r (0.5.5)
    xpath (2.0.0)
      nokogiri (~> 1.3)

PLATFORMS
  ruby

DEPENDENCIES
  active_model_serializers
  acts_as_follower
  angularjs-rails
  aws-sdk
  bcrypt-ruby
  bootstrap-sass (= 2.3.2.0)
  bullet
  cancan
  capistrano
  capybara (~> 2.1.0)
  carrierwave
  carrierwave_backgrounder
  carrierwave_direct
  childprocess (= 0.3.6)
  coffee-rails (= 4.0.1)
  cucumber-rails (= 1.4.0)
  daemons
  database_cleaner!
  debugger
  delayed_job_active_record
  devise (~> 3.2.0)
  factory_girl_rails (= 4.2.1)
  faker (~> 1.2.0)
  fog
  font-awesome-sass
  foreman
  fullcalendar-rails
  gon
  guard-rspec (= 2.5.0)
  guard-spork (= 1.5.0)
  haml
  hpricot
  jasmine
  jbuilder (= 1.0.2)
  jquery-fileupload-rails
  jquery-rails (= 3.0.4)
  jquery-ui-rails
  kaminari
  launchy (~> 2.3.0)
  mail_form
  newrelic_rpm
  paperclip
  pg (= 0.15.1)
  poltergeist (~> 1.4.1)
  rails (= 4.0.1)
  rails_12factor (= 0.0.2)
  rake (= 10.0.4)
  remotipart (~> 1.2)
  rest-client
  rmagick
  rspec-rails (= 2.13.1)
  sass-rails (= 4.0.1)
  sdoc (= 0.3.20)
  shoulda-matchers
  sidekiq
  sinatra
  slim
  spork-rails (= 4.0.0)
  sqlite3
  uglifier (= 2.1.1)
  unf
  unicorn
  xmpp4r (~> 0.5.5)
